GEM
  remote: https://rubygems.org/
  specs:
    base64 (0.2.0)
    combine_pdf (1.0.29)
      matrix
      ruby-rc4 (>= 0.1.5)
    concurrent-ruby (1.3.5)
    logger (1.6.6)
    matrix (0.4.2)
    mime-types (3.6.1)
      logger
      mime-types-data (~> 3.2015)
    mime-types-data (3.2025.0318)
    puppeteer-ruby (0.45.6)
      concurrent-ruby (>= 1.1, < 1.4)
      mime-types (>= 3.0)
      websocket-driver (>= 0.6.0)
    ruby-rc4 (0.1.5)
    websocket-driver (0.7.7)
      base64
      websocket-extensions (>= 0.1.0)
    websocket-extensions (0.1.5)

PLATFORMS
  arm64-darwin-24
  ruby

DEPENDENCIES
  combine_pdf
  puppeteer-ruby

BUNDLED WITH
   2.6.2
